GEM
  remote: https://rubygems.org/
  specs:
    jekyll-gh-pages (0.1.0)
      rake (> 0.9.3)
    rake (12.3.0)

PLATFORMS
  ruby

DEPENDENCIES
  jekyll-gh-pages

BUNDLED WITH
   1.16.0
